PATH
  remote: .
  specs:
    lex-scheduler (0.1.2)
      fugit (>= 1.3.9)

GEM
  remote: https://rubygems.org/
  specs:
    amq-protocol (2.3.2)
    ast (2.4.2)
    aws-eventstream (1.1.0)
    aws-sigv4 (1.2.2)
      aws-eventstream (~> 1, >= 1.0.2)
    bunny (2.17.0)
      amq-protocol (~> 2.3, >= 2.3.1)
    concurrent-ruby (1.1.8)
    concurrent-ruby-ext (1.1.8)
      concurrent-ruby (= 1.1.8)
    connection_pool (2.2.3)
    daemons (1.3.1)
    dalli (2.7.11)
    diff-lcs (1.4.4)
    docile (1.3.5)
    et-orbi (1.2.4)
      tzinfo
    fugit (1.4.2)
      et-orbi (~> 1.1, >= 1.1.8)
      raabro (~> 1.4)
    json_pure (2.5.1)
    legion-cache (1.1.1)
      connection_pool (>= 2.2.3)
      dalli (>= 2.7)
      redis (>= 4.2)
    legion-crypt (0.3.0)
      vault (>= 0.15.0)
    legion-exceptions (1.1.5)
    legion-json (1.1.4)
      json_pure
      legion-exceptions (>= 1.1.5)
      multi_json
    legion-logging (1.1.4)
      rainbow (~> 3)
    legion-settings (1.1.3)
      legion-json
      legion-logging
    legion-transport (1.1.9)
      bunny (>= 2.17.0)
      concurrent-ruby (>= 1.1.7)
      legion-json
    legionio (0.4.3)
      concurrent-ruby (>= 1.1.7)
      concurrent-ruby-ext (>= 1.1.7)
      daemons (>= 1.3.1)
      legion-cache
      legion-crypt (>= 0.2.0)
      legion-exceptions
      legion-json
      legion-logging
      legion-settings
      legion-transport (>= 1.1.9)
      lex-node
      oj (>= 3.10)
      thor (>= 1)
    lex-node (0.1.7)
    multi_json (1.15.0)
    oj (3.11.2)
    parallel (1.20.1)
    parser (3.0.0.0)
      ast (~> 2.4.1)
    raabro (1.4.0)
    rainbow (3.0.0)
    rake (13.0.3)
    redis (4.2.5)
    regexp_parser (2.1.1)
    rexml (3.2.4)
    rspec (3.10.0)
      rspec-core (~> 3.10.0)
      rspec-expectations (~> 3.10.0)
      rspec-mocks (~> 3.10.0)
    rspec-core (3.10.1)
      rspec-support (~> 3.10.0)
    rspec-expectations (3.10.1)
      diff-lcs (>= 1.2.0, < 2.0)
      rspec-support (~> 3.10.0)
    rspec-mocks (3.10.2)
      diff-lcs (>= 1.2.0, < 2.0)
      rspec-support (~> 3.10.0)
    rspec-support (3.10.2)
    rubocop (1.11.0)
      parallel (~> 1.10)
      parser (>= 3.0.0.0)
      rainbow (>= 2.2.2, < 4.0)
      regexp_parser (>= 1.8, < 3.0)
      rexml
      rubocop-ast (>= 1.2.0, < 2.0)
      ruby-progressbar (~> 1.7)
      unicode-display_width (>= 1.4.0, < 3.0)
    rubocop-ast (1.4.1)
      parser (>= 2.7.1.5)
    ruby-progressbar (1.11.0)
    simplecov (0.21.2)
      docile (~> 1.1)
      simplecov-html (~> 0.11)
      simplecov_json_formatter (~> 0.1)
    simplecov-html (0.12.3)
    simplecov_json_formatter (0.1.2)
    thor (1.1.0)
    tzinfo (2.0.4)
      concurrent-ruby (~> 1.0)
    unicode-display_width (2.0.0)
    vault (0.15.0)
      aws-sigv4

PLATFORMS
  ruby

DEPENDENCIES
  bundler (>= 2)
  legionio
  lex-scheduler!
  rake
  rspec
  rubocop
  simplecov

BUNDLED WITH
   2.1.4
